PATH
  remote: .
  specs:
    kuebiko (0.0.1)
      celluloid
      celluloid-io
      hashie (~> 2.1)
      mosquitto
      mqtt
      virtus (~> 1.0.2)

GEM
  remote: https://rubygems.org/
  specs:
    axiom-types (0.1.1)
      descendants_tracker (~> 0.0.4)
      ice_nine (~> 0.11.0)
      thread_safe (~> 0.3, >= 0.3.1)
    celluloid (0.15.2)
      timers (~> 1.1.0)
    celluloid-io (0.15.0)
      celluloid (>= 0.15.0)
      nio4r (>= 0.5.0)
    coercible (1.0.0)
      descendants_tracker (~> 0.0.1)
    descendants_tracker (0.0.4)
      thread_safe (~> 0.3, >= 0.3.1)
    equalizer (0.0.9)
    hashie (2.1.1)
    ice_nine (0.11.0)
    mosquitto (0.3)
    mqtt (0.2.0)
    nio4r (1.0.0)
    thread_safe (0.3.4)
    timers (1.1.0)
    virtus (1.0.2)
      axiom-types (~> 0.1)
      coercible (~> 1.0)
      descendants_tracker (~> 0.0.3)
      equalizer (~> 0.0.9)

PLATFORMS
  ruby

DEPENDENCIES
  kuebiko!
